GEM
  remote: https://rubygems.org/
  specs:
    addressable (2.7.0)
      public_suffix (>= 2.0.2, < 5.0)
    builder (3.2.4)
    descendants_tracker (0.0.4)
      thread_safe (~> 0.3, >= 0.3.1)
    faraday (0.17.3)
      multipart-post (>= 1.2, < 3)
    git (1.6.0)
      rchardet (~> 1.8)
    github_api (0.18.2)
      addressable (~> 2.4)
      descendants_tracker (~> 0.0.4)
      faraday (~> 0.8)
      hashie (~> 3.5, >= 3.5.2)
      oauth2 (~> 1.0)
    hashie (3.6.0)
    highline (2.0.3)
    json (1.8.6)
    juwelier (2.1.3)
      builder
      bundler (>= 1.13)
      git (>= 1.2.5)
      github_api
      highline (>= 1.6.15)
      nokogiri (>= 1.5.10)
      rake
      rdoc
      semver
    jwt (2.2.1)
    mini_portile2 (2.4.0)
    multi_json (1.14.1)
    multi_xml (0.6.0)
    multipart-post (2.1.1)
    nokogiri (1.10.9)
      mini_portile2 (~> 2.4.0)
    oauth2 (1.4.4)
      faraday (>= 0.8, < 2.0)
      jwt (>= 1.0, < 3.0)
      multi_json (~> 1.3)
      multi_xml (~> 0.5)
      rack (>= 1.2, < 3)
    public_suffix (4.0.3)
    rack (2.2.2)
    rake (13.0.1)
    rchardet (1.8.0)
    rdoc (3.12.2)
      json (~> 1.4)
    semver (1.0.1)
    thread_safe (0.3.6)

PLATFORMS
  ruby

DEPENDENCIES
  bundler (~> 2.1.0)
  juwelier (~> 2.1.0)
  rake (~> 13.0.0)
  rdoc (~> 3.12)

BUNDLED WITH
   2.1.2
